PATH
  remote: .
  specs:
    tramp (0.1)
      activemodel (~> 3.0.0.beta4)
      activesupport (~> 3.0.0.beta4)
      arel (~> 0.4.0)
      mysqlplus (~> 0.1.1)

GEM
  remote: http://rubygems.org/
  specs:
    activemodel (3.0.4)
      activesupport (= 3.0.4)
      builder (~> 2.1.2)
      i18n (~> 0.4)
    activesupport (3.0.4)
    arel (0.4.0)
      activesupport (>= 3.0.0.beta)
    builder (2.1.2)
    eventmachine (0.12.10)
    i18n (0.5.0)
    mysqlplus (0.1.2)

PLATFORMS
  ruby

DEPENDENCIES
  activemodel
  activesupport
  arel
  eventmachine
  mysqlplus
  tramp!
